GEM
  remote: http://rubygems.org/
  specs:
    activemodel (3.2.7)
      activesupport (= 3.2.7)
      builder (~> 3.0.0)
    activesupport (3.2.7)
      i18n (~> 0.6)
      multi_json (~> 1.0)
    builder (3.0.0)
    coderay (1.0.7)
    differ (0.1.2)
    encryptor (1.1.3)
    git (1.2.5)
    i18n (0.6.0)
    jeweler (1.8.4)
      bundler (~> 1.0)
      git (>= 1.2.5)
      rake
      rdoc
    jnunemaker-matchy (0.4.0)
    json (1.7.4)
    metaclass (0.0.1)
    method_source (0.8)
    mime-types (1.19)
    mocha (0.11.4)
      metaclass (~> 0.0.1)
    mongoid (3.0.2)
      activemodel (~> 3.1)
      moped (~> 1.1.3)
      origin (~> 1.0.3)
      tzinfo (~> 0.3.22)
    mongoid-grid_fs (1.3.1)
      mime-types (~> 1.19)
      mongoid (~> 3.0.1)
    moped (1.1.5)
    multi_json (1.3.6)
    origin (1.0.4)
    pry (0.9.10)
      coderay (~> 1.0.5)
      method_source (~> 0.8)
      slop (~> 3.3.1)
    rack (1.4.1)
    rake (0.9.2.2)
    rdoc (3.12)
      json (~> 1.4)
    shoulda (2.11.3)
    slop (3.3.2)
    timecop (0.4.1)
    tzinfo (0.3.33)
    uuidtools (2.1.3)
    yard (0.6.8)

PLATFORMS
  ruby

DEPENDENCIES
  differ (>= 0.1.2)
  encryptor (~> 1.1.3)
  i18n
  jeweler (~> 1.8.4)
  jnunemaker-matchy (~> 0.4)
  mocha (~> 0.11.4)
  mongoid (~> 3)
  mongoid-grid_fs
  pry
  rack
  shoulda (~> 2.11.3)
  timecop
  tzinfo
  uuidtools (>= 2.1.1)
  yard (~> 0.6.0)
