PATH
  remote: .
  specs:
    mongoid_ext (0.6.0)
      i18n (~> 0.4.1)
      i18n (~> 0.4.1)
      mongoid (~> 2.0.0.beta.20)
      mongoid (~> 2.0.0.beta.20)
      mongoid_ext
      tzinfo (~> 0.3)
      tzinfo (~> 0.3)
      uuidtools (>= 2.1.1)
      uuidtools (>= 2.1.1)

GEM
  remote: http://rubygems.org/
  specs:
    activemodel (3.0.4)
      activesupport (= 3.0.4)
      builder (~> 2.1.2)
      i18n (~> 0.4)
    activesupport (3.0.4)
    bson (1.2.1)
    builder (2.1.2)
    git (1.2.5)
    i18n (0.4.2)
    jeweler (1.5.2)
      bundler (~> 1.0.0)
      git (>= 1.2.5)
      rake
    jnunemaker-matchy (0.4.0)
    mocha (0.9.9)
      rake
    mongo (1.2.1)
      bson (>= 1.2.1)
    mongoid (2.0.0.rc.7)
      activemodel (~> 3.0)
      mongo (~> 1.2)
      tzinfo (~> 0.3.22)
      will_paginate (~> 3.0.pre)
    rake (0.8.7)
    shoulda (2.11.3)
    timecop (0.3.5)
    tzinfo (0.3.24)
    uuidtools (2.1.2)
    will_paginate (3.0.pre2)
    yard (0.6.4)

PLATFORMS
  ruby

DEPENDENCIES
  bundler (~> 1.0.0)
  jeweler (~> 1.5.2)
  jnunemaker-matchy (~> 0.4)
  mocha (~> 0.9.4)
  mongoid_ext!
  shoulda (~> 2.11.3)
  timecop
  yard (~> 0.6.0)
