PATH
  remote: .
  specs:
    mongoid_ext (0.6.0)
      i18n (~> 0.4.1)
      mongoid (~> 2.0.0.beta.20)
      tzinfo (~> 0.3)
      uuidtools (~> 2.0.0)

GEM
  remote: http://rubygems.org/
  specs:
    activemodel (3.0.1)
      activesupport (= 3.0.1)
      builder (~> 2.1.2)
      i18n (~> 0.4.1)
    activesupport (3.0.1)
    bson (1.1.1)
    builder (2.1.2)
    i18n (0.4.2)
    jnunemaker-matchy (0.4.0)
    mocha (0.9.9)
      rake
    mongo (1.1.1)
      bson (>= 1.1.1)
    mongoid (2.0.0.beta.20)
      activemodel (~> 3.0)
      mongo (~> 1.1)
      tzinfo (~> 0.3.22)
      will_paginate (~> 3.0.pre)
    rake (0.8.7)
    shoulda (2.11.3)
    timecop (0.3.5)
    tzinfo (0.3.23)
    uuidtools (2.0.0)
    will_paginate (3.0.pre2)

PLATFORMS
  ruby

DEPENDENCIES
  i18n (~> 0.4.1)
  jnunemaker-matchy (~> 0.4)
  mocha (~> 0.9.4)
  mongoid (~> 2.0.0.beta.20)
  mongoid_ext!
  shoulda (~> 2.11.3)
  timecop
  tzinfo (~> 0.3)
  uuidtools (~> 2.0.0)
