GEM
  remote: http://rubygems.org/
  specs:
    activemodel (3.0.6)
      activesupport (= 3.0.6)
      builder (~> 2.1.2)
      i18n (~> 0.5.0)
    activesupport (3.0.6)
    bson (1.3.0)
    builder (2.1.2)
    differ (0.1.2)
    git (1.2.5)
    i18n (0.5.0)
    jeweler (1.5.2)
      bundler (~> 1.0.0)
      git (>= 1.2.5)
      rake
    jnunemaker-matchy (0.4.0)
    mocha (0.9.12)
    mongo (1.3.0)
      bson (>= 1.3.0)
    mongoid (2.0.1)
      activemodel (~> 3.0)
      mongo (~> 1.3)
      tzinfo (~> 0.3.22)
      will_paginate (~> 3.0.pre)
    rake (0.8.7)
    shoulda (2.11.3)
    timecop (0.3.5)
    tzinfo (0.3.26)
    uuidtools (2.1.2)
    will_paginate (3.0.pre2)
    yard (0.6.7)

PLATFORMS
  ruby

DEPENDENCIES
  bundler (~> 1.0.0)
  differ (>= 0.1.2)
  i18n
  jeweler (~> 1.5.2)
  jnunemaker-matchy (~> 0.4)
  mocha (~> 0.9.4)
  mongoid (~> 2.0.0)
  shoulda (~> 2.11.3)
  timecop
  tzinfo
  uuidtools (>= 2.1.1)
  yard (~> 0.6.0)
