GEM
  remote: http://rubygems.org/
  specs:
    activemodel (3.2.1)
      activesupport (= 3.2.1)
      builder (~> 3.0.0)
    activesupport (3.2.1)
      i18n (~> 0.6)
      multi_json (~> 1.0)
    bson (1.5.2)
    builder (3.0.0)
    differ (0.1.2)
    encryptor (1.1.3)
    git (1.2.5)
    i18n (0.6.0)
    jeweler (1.5.2)
      bundler (~> 1.0.0)
      git (>= 1.2.5)
      rake
    jnunemaker-matchy (0.4.0)
    mocha (0.9.12)
    mongo (1.5.2)
      bson (= 1.5.2)
    mongoid (2.4.4)
      activemodel (~> 3.1)
      mongo (~> 1.3)
      tzinfo (~> 0.3.22)
    multi_json (1.0.4)
    rake (0.9.2.2)
    shoulda (2.11.3)
    timecop (0.3.5)
    tzinfo (0.3.31)
    uuidtools (2.1.2)
    yard (0.6.8)

PLATFORMS
  ruby

DEPENDENCIES
  bundler (~> 1.0.0)
  differ (>= 0.1.2)
  encryptor (~> 1.1.3)
  i18n
  jeweler (~> 1.5.2)
  jnunemaker-matchy (~> 0.4)
  mocha (~> 0.9.4)
  mongoid (~> 2.3)
  shoulda (~> 2.11.3)
  timecop
  tzinfo
  uuidtools (>= 2.1.1)
  yard (~> 0.6.0)
