GEM
  remote: http://rubygems.org/
  specs:
    activemodel (3.2.12)
      activesupport (= 3.2.12)
      builder (~> 3.0.0)
    activesupport (3.2.12)
      i18n (~> 0.6)
      multi_json (~> 1.0)
    builder (3.0.4)
    coderay (1.0.9)
    differ (0.1.2)
    encryptor (1.1.3)
    git (1.2.5)
    i18n (0.6.4)
    jeweler (1.8.4)
      bundler (~> 1.0)
      git (>= 1.2.5)
      rake
      rdoc
    jnunemaker-matchy (0.4.0)
    json (1.7.7)
    metaclass (0.0.1)
    method_source (0.8.1)
    mime-types (1.23)
    mocha (0.11.4)
      metaclass (~> 0.0.1)
    mongoid (3.1.3)
      activemodel (~> 3.2)
      moped (~> 1.4.2)
      origin (~> 1.0)
      tzinfo (~> 0.3.22)
    mongoid-grid_fs (1.8.0)
      mime-types (~> 1.19)
      mongoid (~> 3.0)
    moped (1.4.5)
    multi_json (1.7.2)
    origin (1.1.0)
    pry (0.9.12.1)
      coderay (~> 1.0.5)
      method_source (~> 0.8)
      slop (~> 3.4)
    rack (1.5.2)
    rake (10.0.4)
    rdoc (4.0.1)
      json (~> 1.4)
    shoulda (2.11.3)
    slop (3.4.4)
    timecop (0.6.1)
    tzinfo (0.3.37)
    uuidtools (2.1.4)
    yard (0.6.8)

PLATFORMS
  ruby

DEPENDENCIES
  differ (>= 0.1.2)
  encryptor (~> 1.1.3)
  i18n
  jeweler (~> 1.8.4)
  jnunemaker-matchy (~> 0.4)
  mocha (~> 0.11.4)
  mongoid (~> 3)
  mongoid-grid_fs
  pry
  rack
  shoulda (~> 2.11.3)
  timecop
  tzinfo
  uuidtools (>= 2.1.1)
  yard (~> 0.6.0)
